GEM
  remote: http://rubygems.org/
  specs:
    actionmailer (2.3.14)
      actionpack (= 2.3.14)
    actionpack (2.3.14)
      activesupport (= 2.3.14)
      rack (~> 1.1.0)
    activerecord (2.3.14)
      activesupport (= 2.3.14)
    activeresource (2.3.14)
      activesupport (= 2.3.14)
    activesupport (2.3.14)
    acts-as-taggable-on (2.1.1)
      rails
    builder (3.0.0)
    chronic (0.6.6)
    companies-house (0.1.0)
      haml (>= 2.0.9)
      morph (>= 0.3.2)
      nokogiri
    crack (0.3.1)
    curb (0.7.16)
    factory_girl (2.3.2)
      activesupport
    fastercsv (1.5.4)
    feedzirra (0.0.24)
      activesupport (>= 2.3.8)
      builder (>= 2.1.2)
      curb (>= 0.2.3)
      loofah (>= 0.3.1)
      nokogiri (> 0.0.0)
      sax-machine (>= 0.0.12)
    geokit (1.6.0)
    georuby (1.9.3)
    googlecharts (1.6.8)
    haml (3.0.25)
    hashie (0.2.2)
    hoptoad_notifier (2.4.11)
      activesupport
      builder
    hpricot (0.8.4)
    httparty (0.5.0)
      crack (>= 0.1.1)
    httpclient (2.2.3)
    loofah (1.2.0)
      nokogiri (>= 1.4.4)
    morph (0.3.2)
      activesupport (>= 2.0.2)
    newrelic_rpm (3.3.0)
    nokogiri (1.4.7)
    oauth (0.4.5)
    rack (1.1.2)
    rails (2.3.14)
      actionmailer (= 2.3.14)
      actionpack (= 2.3.14)
      activerecord (= 2.3.14)
      activeresource (= 2.3.14)
      activesupport (= 2.3.14)
      rake (>= 0.8.3)
    rake (0.9.2.2)
    sax-machine (0.1.0)
      nokogiri (> 0.0.0)
    shoulda (2.11.3)
    sitemap_generator (2.1.7)
    twitter (0.9.8)
      hashie (~> 0.2.0)
      httparty (~> 0.5.0)
      oauth (~> 0.4.1)
      yajl-ruby (~> 0.7.0)
    whenever (0.7.0)
      activesupport (>= 2.3.4)
      chronic (~> 0.6.3)
    will_paginate (2.3.16)
    yajl-ruby (0.7.9)

PLATFORMS
  ruby

DEPENDENCIES
  acts-as-taggable-on
  companies-house
  crack
  factory_girl
  fastercsv
  feedzirra
  geokit
  georuby
  googlecharts
  hoptoad_notifier
  hpricot
  httpclient
  newrelic_rpm
  nokogiri (~> 1.4.1)
  rails (= 2.3.14)
  shoulda
  sitemap_generator
  twitter (~> 0.9)
  whenever
  will_paginate (~> 2.3.11)
