GEM
  remote: http://rubygems.org/
  specs:
    GeoRuby (1.3.4)
    SystemTimer (1.2.3)
    actionmailer (2.3.14)
      actionpack (= 2.3.14)
    actionpack (2.3.14)
      activesupport (= 2.3.14)
      rack (~> 1.1.0)
    activerecord (2.3.14)
      activesupport (= 2.3.14)
    activeresource (2.3.14)
      activesupport (= 2.3.14)
    activesupport (2.3.14)
    acts-as-taggable-on (2.1.1)
      rails
    addressable (2.2.4)
    airbrake (3.0.9)
      activesupport
      builder
    builder (3.0.0)
    capistrano (2.9.0)
      highline
      net-scp (>= 1.0.0)
      net-sftp (>= 2.0.0)
      net-ssh (>= 2.0.14)
      net-ssh-gateway (>= 1.1.0)
    capistrano-ext (1.2.1)
      capistrano (>= 1.0.0)
    chronic (0.6.6)
    companies-house (0.1.0)
      haml (>= 2.0.9)
      morph (>= 0.3.2)
      nokogiri
    crack (0.3.1)
    curb (0.7.16)
    daemons (1.0.10)
    delayed_job (2.0.4)
      daemons
    factory_girl (2.3.2)
      activesupport
    fastercsv (1.5.4)
    feedzirra (0.0.24)
      activesupport (>= 2.3.8)
      builder (>= 2.1.2)
      curb (>= 0.2.3)
      loofah (>= 0.3.1)
      nokogiri (> 0.0.0)
      sax-machine (>= 0.0.12)
    ffi (1.0.7)
      rake (>= 0.8.7)
    geokit (1.6.5)
      multi_json
    georuby (1.9.3)
    googlecharts (1.6.8)
    guard (0.9.3)
      ffi (>= 0.5.0)
      thor (~> 0.14.6)
    guard-test (0.4.3)
      guard (>= 0.4)
      test-unit (~> 2.2)
    haml (3.0.25)
    hashie (0.2.2)
    highline (1.6.8)
    hpricot (0.8.4)
    httparty (0.5.0)
      crack (>= 0.1.1)
    httpclient (2.2.3)
    json (1.6.3)
    loofah (1.2.0)
      nokogiri (>= 1.4.4)
    metaclass (0.0.1)
    mocha (0.10.0)
      metaclass (~> 0.0.1)
    morph (0.3.2)
      activesupport (>= 2.0.2)
    multi_json (1.0.4)
    mysql (2.8.1)
    net-scp (1.0.4)
      net-ssh (>= 1.99.1)
    net-sftp (2.0.5)
      net-ssh (>= 2.0.9)
    net-ssh (2.2.1)
    net-ssh-gateway (1.1.0)
      net-ssh (>= 1.99.1)
    newrelic_rpm (3.3.0)
    nokogiri (1.4.7)
    oauth (0.4.5)
    rack (1.1.2)
    rails (2.3.14)
      actionmailer (= 2.3.14)
      actionpack (= 2.3.14)
      activerecord (= 2.3.14)
      activeresource (= 2.3.14)
      activesupport (= 2.3.14)
      rake (>= 0.8.3)
    rake (0.9.2.2)
    rdf (0.3.3)
      addressable (= 2.2.4)
    rdf-rdfxml (0.3.3)
      nokogiri (>= 1.4.4)
      rdf (>= 0.3.3)
    redis (2.2.2)
    redis-namespace (1.0.3)
      redis (< 3.0.0)
    resque (1.19.0)
      multi_json (~> 1.0)
      redis-namespace (~> 1.0.2)
      sinatra (>= 0.9.2)
      vegas (~> 0.1.2)
    resque-lock-timeout (0.3.3)
      resque (>= 1.8.0)
    ruby-prof (0.10.8)
    sax-machine (0.1.0)
      nokogiri (> 0.0.0)
    shoulda (2.11.3)
    sinatra (1.2.7)
      rack (~> 1.1)
      tilt (>= 1.2.2, < 2.0)
    sitemap_generator (2.1.7)
    spatial_adapter (1.3.1)
      GeoRuby (>= 1.3.0)
      activerecord (>= 2.2.2, < 3.1.0)
    test-unit (2.4.4)
    thor (0.14.6)
    tilt (1.3.3)
    twitter (0.9.8)
      hashie (~> 0.2.0)
      httparty (~> 0.5.0)
      oauth (~> 0.4.1)
      yajl-ruby (~> 0.7.0)
    vegas (0.1.8)
      rack (>= 1.0.0)
    whenever (0.7.0)
      activesupport (>= 2.3.4)
      chronic (~> 0.6.3)
    will_paginate (2.3.16)
    yajl-ruby (0.7.9)

PLATFORMS
  ruby

DEPENDENCIES
  SystemTimer
  acts-as-taggable-on
  airbrake
  capistrano
  capistrano-ext
  companies-house
  crack
  daemons (= 1.0.10)
  delayed_job (= 2.0.4)
  factory_girl
  fastercsv
  feedzirra
  geokit
  georuby
  googlecharts
  guard
  guard-test
  hpricot
  httpclient
  json
  mocha
  mysql
  newrelic_rpm
  nokogiri (~> 1.4.1)
  rails (= 2.3.14)
  rdf
  rdf-rdfxml
  resque
  resque-lock-timeout
  ruby-prof
  shoulda
  sitemap_generator
  spatial_adapter
  twitter (~> 0.9)
  whenever
  will_paginate (~> 2.3.11)
